GIT
  remote: https://github.com/bernd/fpm-cookery.git
  revision: 8a710db8b3185c06b74d18af33a99cf93ce830b9
  ref: 8a710db8b3185c06b74d18af33a99cf93ce830b9
  specs:
    fpm-cookery (0.32.0)
      addressable (~> 2.3.8)
      facter
      fpm (~> 1.1)
      puppet (~> 3.4)
      systemu

GEM
  remote: https://rubygems.org/
  specs:
    CFPropertyList (2.2.8)
    addressable (2.3.8)
    archive-tar-minitar (0.5.2)
    arr-pm (0.0.10)
      cabin (> 0)
    backports (3.6.8)
    cabin (0.9.0)
    childprocess (0.5.9)
      ffi (~> 1.0, >= 1.0.11)
    clamp (1.0.1)
    facter (2.4.6)
      CFPropertyList (~> 2.2.6)
    ffi (1.9.14)
    fpm (1.6.3)
      archive-tar-minitar
      arr-pm (~> 0.0.10)
      backports (>= 2.6.2)
      cabin (>= 0.6.0)
      childprocess
      clamp (~> 1.0.0)
      ffi
      json (>= 1.7.7, < 2.0)
      pleaserun (~> 0.0.24)
      ruby-xz
    hiera (1.3.4)
      json_pure
    insist (1.0.0)
    io-like (0.3.0)
    json (1.8.3)
    json_pure (1.8.3)
    mustache (0.99.8)
    pleaserun (0.0.24)
      cabin (> 0)
      clamp
      insist
      mustache (= 0.99.8)
      stud
    puppet (3.8.7)
      facter (> 1.6, < 3)
      hiera (~> 1.0)
      json_pure
    rake (11.3.0)
    ruby-xz (0.2.3)
      ffi (~> 1.9)
      io-like (~> 0.3)
    stud (0.0.22)
    systemu (2.6.5)

PLATFORMS
  ruby

DEPENDENCIES
  fpm-cookery!
  json (< 2)
  json_pure (< 2)
  rake

BUNDLED WITH
   1.13.2
