GEM
  remote: https://rubygems.org/
  specs:
    addressable (2.3.8)
    arr-pm (0.0.10)
      cabin (> 0)
    backports (3.18.2)
    cabin (0.9.0)
    childprocess (0.9.0)
      ffi (~> 1.0, >= 1.0.11)
    clamp (1.0.1)
    dotenv (2.7.6)
    dpkg-deb (0.1.0)
    facter (2.5.7)
    fast_gettext (1.1.2)
    ffi (1.9.25)
    fpm (1.11.0)
      arr-pm (~> 0.0.10)
      backports (>= 2.6.2)
      cabin (>= 0.6.0)
      childprocess (= 0.9.0)
      clamp (~> 1.0.0)
      ffi
      json (>= 1.7.7, < 2.0)
      pleaserun (~> 0.0.29)
      ruby-xz (~> 0.2.3)
      stud
    fpm-cookery (0.35.1)
      addressable (~> 2.3.8)
      facter
      fpm (~> 1.1)
      json (>= 1.7.7, < 2.0)
      json_pure (>= 1.7.7, < 2.0)
      puppet (>= 3.4, < 6.0)
      safe_yaml (~> 1.0.4)
      systemu
    hiera (3.6.0)
    httparty (0.18.0)
      mime-types (~> 3.0)
      multi_xml (>= 0.5.2)
    insist (1.0.0)
    io-like (0.3.1)
    json (1.8.6)
    json_pure (1.8.6)
    locale (2.1.3)
    mime-types (3.3.1)
      mime-types-data (~> 3.2015)
    mime-types-data (3.2019.1009)
    multi_json (1.15.0)
    multi_xml (0.6.0)
    mustache (0.99.8)
    pleaserun (0.0.31)
      cabin (> 0)
      clamp
      dotenv
      insist
      mustache (= 0.99.8)
      stud
    puppet (5.5.22)
      facter (> 2.0.1, < 4)
      fast_gettext (~> 1.1.2)
      hiera (>= 3.2.1, < 4)
      locale (~> 2.1)
      multi_json (~> 1.10)
    rake (13.0.1)
    ruby-xz (0.2.3)
      ffi (~> 1.9)
      io-like (~> 0.3)
    safe_yaml (1.0.5)
    stud (0.0.23)
    systemu (2.6.5)
    xmlrpc (0.3.0)

PLATFORMS
  ruby

DEPENDENCIES
  dpkg-deb
  ffi (= 1.9.25)
  fpm-cookery (= 0.35.1)
  httparty
  rake (>= 12.3.3)
  xmlrpc

BUNDLED WITH
   2.1.4
