GIT
  remote: https://github.com/bernd/fpm-cookery.git
  revision: 051cc162f874bfc026b6bc051606d5b8813c1f06
  branch: master
  specs:
    fpm-cookery (0.33.0)
      addressable (~> 2.3.8)
      facter
      fpm (~> 1.1)
      json (>= 1.7.7, < 2.0)
      json_pure (>= 1.7.7, < 2.0)
      puppet (~> 3.4)
      safe_yaml (~> 1.0.4)
      systemu

GEM
  remote: https://rubygems.org/
  specs:
    addressable (2.3.8)
    arr-pm (0.0.10)
      cabin (> 0)
    backports (3.11.4)
    cabin (0.9.0)
    childprocess (0.9.0)
      ffi (~> 1.0, >= 1.0.11)
    clamp (1.0.1)
    dotenv (2.5.0)
    dpkg-deb (0.1.0)
    facter (2.5.1)
    ffi (1.9.25)
    fpm (1.10.2)
      arr-pm (~> 0.0.10)
      backports (>= 2.6.2)
      cabin (>= 0.6.0)
      childprocess
      clamp (~> 1.0.0)
      ffi
      json (>= 1.7.7, < 2.0)
      pleaserun (~> 0.0.29)
      ruby-xz (~> 0.2.3)
      stud
    hiera (1.3.4)
      json_pure
    httparty (0.16.2)
      multi_xml (>= 0.5.2)
    insist (1.0.0)
    io-like (0.3.0)
    json (1.8.6)
    json_pure (1.8.6)
    multi_xml (0.6.0)
    mustache (0.99.8)
    pleaserun (0.0.30)
      cabin (> 0)
      clamp
      dotenv
      insist
      mustache (= 0.99.8)
      stud
    puppet (3.8.7)
      facter (> 1.6, < 3)
      hiera (~> 1.0)
      json_pure
    rake (11.3.0)
    ruby-xz (0.2.3)
      ffi (~> 1.9)
      io-like (~> 0.3)
    safe_yaml (1.0.4)
    stud (0.0.23)
    systemu (2.6.5)
    xmlrpc (0.3.0)

PLATFORMS
  ruby

DEPENDENCIES
  dpkg-deb
  fpm-cookery!
  httparty
  rake (< 12)
  xmlrpc

BUNDLED WITH
   1.16.1
